GEM
  remote: https://rubygems.org/
  specs:
    levenshtein (0.2.2)

PLATFORMS
  x86_64-linux

DEPENDENCIES
  levenshtein

BUNDLED WITH
   2.3.3
